GEM
  remote: https://rubygems.org/
  specs:
    bindata (2.4.8)
    fit4ruby (3.8.0)
      bindata (~> 2.4.8)
    mini_portile2 (2.4.0)
    nokogiri (1.10.10)
      mini_portile2 (~> 2.4.0)
    perobs (4.3.0)
    postrunner (1.0.4)
      fit4ruby (~> 3.8.0)
      nokogiri (~> 1.10.10)
      perobs (~> 4.3.0)

PLATFORMS
  ruby

DEPENDENCIES
  postrunner

BUNDLED WITH
   2.1.4
